GEM
  remote: https://rubygems.org/
  specs:
    byebug (10.0.2)
    mustermann (1.0.3)
    power_assert (1.1.3)
    rack (2.0.6)
    rack-protection (2.0.5)
      rack
    rack-test (1.1.0)
      rack (>= 1.0, < 3)
    sinatra (2.0.5)
      mustermann (~> 1.0)
      rack (~> 2.0)
      rack-protection (= 2.0.5)
      tilt (~> 2.0)
    test-unit (3.3.0)
      power_assert
    tilt (2.0.9)

PLATFORMS
  x64-mingw32

DEPENDENCIES
  byebug
  rack-test
  sinatra
  test-unit

BUNDLED WITH
   2.0.1
